PATH
  remote: .
  specs:
    iron_worker_ng (1.0.2)
      bundler (>= 1.0.10)
      iron_core (>= 1.0.0)
      rubyzip (= 0.9.9)

GEM
  remote: https://rubygems.org/
  specs:
    actionmailer (2.3.18)
      actionpack (= 2.3.18)
    actionpack (2.3.18)
      activesupport (= 2.3.18)
      rack (~> 1.1.0)
    activesupport (2.3.18)
    ansi (1.4.3)
    builder (3.2.2)
    concur (2.1.1)
    faraday (0.8.7)
      multipart-post (~> 1.1)
    go (1.1.0)
      concur
    hashie (2.0.5)
    iron_cache (1.4.0)
      iron_core (>= 0.5.1)
    iron_core (1.0.1)
      rest (>= 2.2.0)
    mime-types (1.23)
    minitest (4.7.5)
    minitest-reporters (0.14.20)
      ansi
      builder
      minitest (>= 2.12, < 5.0)
      powerbar
    multi_json (1.7.7)
    multipart-post (1.2.0)
    net-http-persistent (2.8)
    powerbar (1.0.11)
      ansi (~> 1.4.0)
      hashie (>= 1.1.0)
    rack (1.1.6)
    rake (10.1.0)
    rest (2.6.3)
      net-http-persistent
      rest-client (>= 0.3.0)
    rest-client (1.6.7)
      mime-types (>= 1.16)
    rubyzip (0.9.9)
    simple_oauth (0.2.0)
    test-unit (2.5.5)
    twitter (4.8.1)
      faraday (~> 0.8, < 0.10)
      multi_json (~> 1.0)
      simple_oauth (~> 0.2)

PLATFORMS
  ruby

DEPENDENCIES
  actionmailer
  go
  iron_cache (>= 1.4.0)
  iron_worker_ng!
  minitest
  minitest-reporters (>= 0.5.0)
  rake
  test-unit
  twitter
